GIT
  remote: https://github.com/flaminestone/palladium.git
  revision: cf36ed451f0d525f9053aed681f4f3e6831c59f2
  specs:
    palladium (0.3.4)

GIT
  remote: https://github.com/onlyoffice-testing-robot/onlyoffice_documentserver_conversion_helper.git
  revision: b5745ab09e47931bc89e1c7d47fb45df3b363a1d
  specs:
    onlyoffice_documentserver_conversion_helper (0.1.1)
      jwt (~> 2)

GIT
  remote: https://github.com/onlyoffice-testing-robot/onlyoffice_logger_helper.git
  revision: 6719da93effe6152454f84ea1a3f7d95437d604b
  specs:
    onlyoffice_logger_helper (1.0.1)

GIT
  remote: https://github.com/onlyoffice-testing-robot/onlyoffice_testrail_wrapper
  revision: 470772e310e6314f67463e009e9086d041792375
  specs:
    onlyoffice_testrail_wrapper (0.0.1)
      activesupport (~> 4.0)
      net-ping (~> 2)
      onlyoffice_bugzilla_helper (~> 0.1)
      onlyoffice_logger_helper (~> 1)

GEM
  remote: https://rubygems.org/
  specs:
    activesupport (4.2.11.1)
      i18n (~> 0.7)
      minitest (~> 5.1)
      thread_safe (~> 0.3, >= 0.3.4)
      tzinfo (~> 1.1)
    ast (2.4.0)
    aws-eventstream (1.0.2)
    aws-sdk (2.11.255)
      aws-sdk-resources (= 2.11.255)
    aws-sdk-core (2.11.255)
      aws-sigv4 (~> 1.0)
      jmespath (~> 1.0)
    aws-sdk-resources (2.11.255)
      aws-sdk-core (= 2.11.255)
    aws-sigv4 (1.1.0)
      aws-eventstream (~> 1.0, >= 1.0.2)
    concurrent-ruby (1.1.5)
    diff-lcs (1.3)
    i18n (0.9.5)
      concurrent-ruby (~> 1.0)
    jaro_winkler (1.5.3)
    jmespath (1.4.0)
    jwt (2.1.0)
    minitest (5.11.3)
    net-ping (2.0.5)
    onlyoffice_bugzilla_helper (0.2.0)
    onlyoffice_file_helper (0.1.0)
      onlyoffice_logger_helper (~> 1)
      rubyzip (~> 1.0)
    onlyoffice_s3_wrapper (0.1.1)
      aws-sdk (~> 2.0)
      onlyoffice_file_helper (~> 0.1)
    parallel (1.17.0)
    parser (2.6.3.0)
      ast (~> 2.4.0)
    rainbow (3.0.0)
    rspec (3.8.0)
      rspec-core (~> 3.8.0)
      rspec-expectations (~> 3.8.0)
      rspec-mocks (~> 3.8.0)
    rspec-core (3.8.0)
      rspec-support (~> 3.8.0)
    rspec-expectations (3.8.2)
      diff-lcs (>= 1.2.0, < 2.0)
      rspec-support (~> 3.8.0)
    rspec-mocks (3.8.0)
      diff-lcs (>= 1.2.0, < 2.0)
      rspec-support (~> 3.8.0)
    rspec-support (3.8.0)
    rubocop (0.71.0)
      jaro_winkler (~> 1.5.1)
      parallel (~> 1.10)
      parser (>= 2.6)
      rainbow (>= 2.2.2, < 4.0)
      ruby-progressbar (~> 1.7)
      unicode-display_width (>= 1.4.0, < 1.7)
    ruby-progressbar (1.10.1)
    rubyzip (1.2.2)
    thread_safe (0.3.6)
    tzinfo (1.2.5)
      thread_safe (~> 0.1)
    unicode-display_width (1.6.0)

PLATFORMS
  ruby

DEPENDENCIES
  onlyoffice_documentserver_conversion_helper!
  onlyoffice_logger_helper!
  onlyoffice_s3_wrapper
  onlyoffice_testrail_wrapper!
  palladium!
  rspec
  rubocop

BUNDLED WITH
   2.0.1
