GIT
  remote: https://github.com/flaminestone/palladium.git
  revision: cf36ed451f0d525f9053aed681f4f3e6831c59f2
  specs:
    palladium (0.3.4)

GIT
  remote: https://github.com/onlyoffice-testing-robot/onlyoffice_documentserver_conversion_helper.git
  revision: cc1cc53436433a79b38604860f373a7b824bcc90
  specs:
    onlyoffice_documentserver_conversion_helper (0.1.1)
      jwt (~> 2)

GIT
  remote: https://github.com/onlyoffice-testing-robot/onlyoffice_s3_wrapper
  revision: 68fe0b5900b5754832dd3e983a69d17659b01109
  specs:
    onlyoffice_s3_wrapper (0.1.2)
      aws-sdk-s3 (~> 1)
      onlyoffice_file_helper (~> 0.1)

GIT
  remote: https://github.com/onlyoffice-testing-robot/onlyoffice_testrail_wrapper
  revision: f484676664bd118bb8d2628e3ece4d738ecd68de
  specs:
    onlyoffice_testrail_wrapper (0.0.1)
      net-ping (~> 2)
      onlyoffice_bugzilla_helper (~> 0.1)
      onlyoffice_logger_helper (~> 1)

GEM
  remote: https://rubygems.org/
  specs:
    addressable (2.7.0)
      public_suffix (>= 2.0.2, < 5.0)
    ast (2.4.0)
    aws-eventstream (1.0.3)
    aws-partitions (1.279.0)
    aws-sdk-core (3.90.1)
      aws-eventstream (~> 1.0, >= 1.0.2)
      aws-partitions (~> 1, >= 1.239.0)
      aws-sigv4 (~> 1.1)
      jmespath (~> 1.0)
    aws-sdk-kms (1.29.0)
      aws-sdk-core (~> 3, >= 3.71.0)
      aws-sigv4 (~> 1.1)
    aws-sdk-s3 (1.60.2)
      aws-sdk-core (~> 3, >= 3.83.0)
      aws-sdk-kms (~> 1)
      aws-sigv4 (~> 1.1)
    aws-sigv4 (1.1.1)
      aws-eventstream (~> 1.0, >= 1.0.2)
    diff-lcs (1.3)
    jaro_winkler (1.5.4)
    jmespath (1.4.0)
    jwt (2.2.1)
    net-ping (2.0.6)
    onlyoffice_bugzilla_helper (0.2.0)
    onlyoffice_file_helper (0.1.0)
      onlyoffice_logger_helper (~> 1)
      rubyzip (~> 1.0)
    onlyoffice_logger_helper (1.0.2)
    parallel (1.19.1)
    parser (2.7.0.3)
      ast (~> 2.4.0)
    public_suffix (4.0.3)
    rainbow (3.0.0)
    rexml (3.2.4)
    rspec (3.9.0)
      rspec-core (~> 3.9.0)
      rspec-expectations (~> 3.9.0)
      rspec-mocks (~> 3.9.0)
    rspec-core (3.9.0)
      rspec-support (~> 3.9.0)
    rspec-expectations (3.9.0)
      diff-lcs (>= 1.2.0, < 2.0)
      rspec-support (~> 3.9.0)
    rspec-mocks (3.9.0)
      diff-lcs (>= 1.2.0, < 2.0)
      rspec-support (~> 3.9.0)
    rspec-support (3.9.0)
    rubocop (0.80.1)
      jaro_winkler (~> 1.5.1)
      parallel (~> 1.10)
      parser (>= 2.7.0.1)
      rainbow (>= 2.2.2, < 4.0)
      rexml
      ruby-progressbar (~> 1.7)
      unicode-display_width (>= 1.4.0, < 1.7)
    ruby-progressbar (1.10.1)
    rubyzip (1.3.0)
    unicode-display_width (1.6.1)

PLATFORMS
  ruby

DEPENDENCIES
  addressable
  onlyoffice_documentserver_conversion_helper!
  onlyoffice_logger_helper
  onlyoffice_s3_wrapper!
  onlyoffice_testrail_wrapper!
  palladium!
  rspec
  rubocop

BUNDLED WITH
   2.0.2
