GIT
  remote: https://github.com/flaminestone/palladium.git
  revision: cf36ed451f0d525f9053aed681f4f3e6831c59f2
  specs:
    palladium (0.3.4)

GIT
  remote: https://github.com/onlyoffice-testing-robot/onlyoffice_documentserver_conversion_helper.git
  revision: cc1cc53436433a79b38604860f373a7b824bcc90
  specs:
    onlyoffice_documentserver_conversion_helper (0.1.1)
      jwt (~> 2)

GIT
  remote: https://github.com/onlyoffice-testing-robot/onlyoffice_testrail_wrapper
  revision: e50199fb378713ddc60fb41aa4ae4726b59490e5
  specs:
    onlyoffice_testrail_wrapper (0.0.1)
      onlyoffice_bugzilla_helper (~> 0.1)
      onlyoffice_logger_helper (~> 1)

GEM
  remote: https://rubygems.org/
  specs:
    addressable (2.7.0)
      public_suffix (>= 2.0.2, < 5.0)
    ast (2.4.1)
    aws-eventstream (1.1.0)
    aws-partitions (1.372.0)
    aws-sdk-core (3.107.0)
      aws-eventstream (~> 1, >= 1.0.2)
      aws-partitions (~> 1, >= 1.239.0)
      aws-sigv4 (~> 1.1)
      jmespath (~> 1.0)
    aws-sdk-kms (1.38.0)
      aws-sdk-core (~> 3, >= 3.99.0)
      aws-sigv4 (~> 1.1)
    aws-sdk-s3 (1.80.0)
      aws-sdk-core (~> 3, >= 3.104.3)
      aws-sdk-kms (~> 1)
      aws-sigv4 (~> 1.1)
    aws-sigv4 (1.2.2)
      aws-eventstream (~> 1, >= 1.0.2)
    diff-lcs (1.3)
    jmespath (1.4.0)
    jwt (2.2.1)
    onlyoffice_bugzilla_helper (0.2.0)
    onlyoffice_file_helper (0.3.0)
      onlyoffice_logger_helper (~> 1)
      rubyzip (>= 1, < 3)
    onlyoffice_logger_helper (1.0.3)
    onlyoffice_s3_wrapper (0.3.0)
      aws-sdk-s3 (= 1.80.0)
      onlyoffice_file_helper (= 0.3.0)
    parallel (1.19.2)
    parser (2.7.1.5)
      ast (~> 2.4.1)
    public_suffix (4.0.3)
    rainbow (3.0.0)
    regexp_parser (1.8.0)
    rexml (3.2.4)
    rspec (3.9.0)
      rspec-core (~> 3.9.0)
      rspec-expectations (~> 3.9.0)
      rspec-mocks (~> 3.9.0)
    rspec-core (3.9.0)
      rspec-support (~> 3.9.0)
    rspec-expectations (3.9.0)
      diff-lcs (>= 1.2.0, < 2.0)
      rspec-support (~> 3.9.0)
    rspec-mocks (3.9.0)
      diff-lcs (>= 1.2.0, < 2.0)
      rspec-support (~> 3.9.0)
    rspec-support (3.9.0)
    rubocop (0.92.0)
      parallel (~> 1.10)
      parser (>= 2.7.1.5)
      rainbow (>= 2.2.2, < 4.0)
      regexp_parser (>= 1.7)
      rexml
      rubocop-ast (>= 0.5.0)
      ruby-progressbar (~> 1.7)
      unicode-display_width (>= 1.4.0, < 2.0)
    rubocop-ast (0.7.0)
      parser (>= 2.7.1.5)
      strscan (>= 1.0.0)
    ruby-progressbar (1.10.1)
    rubyzip (2.3.0)
    strscan (1.0.3)
    unicode-display_width (1.7.0)

PLATFORMS
  ruby

DEPENDENCIES
  addressable
  onlyoffice_documentserver_conversion_helper!
  onlyoffice_logger_helper
  onlyoffice_s3_wrapper (= 0.3.0)
  onlyoffice_testrail_wrapper!
  palladium!
  rspec
  rubocop

BUNDLED WITH
   2.1.4
